PATH
  remote: .
  specs:
    deriving_license (0.1.3)
      gemnasium-parser

GEM
  remote: https://rubygems.org/
  specs:
    gemnasium-parser (0.1.9)
    rake (10.0.4)
    safe_yaml (0.9.1)

PLATFORMS
  ruby

DEPENDENCIES
  deriving_license!
  rake (>= 0.8.7)
  safe_yaml
